GEM
  specs:
    sqlite3 (1.4.2)
    thor (1.0.1)

PLATFORMS
  ruby

DEPENDENCIES
  sqlite3 (~> 1.4, >= 1.4.2)
  thor (~> 1.0, >= 1.0.1)

BUNDLED WITH
   2.1.4
